GEM
  remote: https://rubygems.org/
  specs:
    map (6.2.0)

PLATFORMS
  ruby

DEPENDENCIES
  map
